GEM
  remote: https://rubygems.org/
  specs:
    activesupport (7.1.3.2)
      base64
      bigdecimal
      concurrent-ruby (~> 1.0, >= 1.0.2)
      connection_pool (>= 2.2.5)
      drb
      i18n (>= 1.6, < 2)
      minitest (>= 5.1)
      mutex_m
      tzinfo (~> 2.0)
    addressable (2.8.6)
      public_suffix (>= 2.0.2, < 6.0)
    atlassian-stash (0.7.0)
      commander (~> 4.1.2)
      git (>= 1.2.5)
      json (>= 1.7.5)
      launchy (~> 2.4.2)
    base64 (0.2.0)
    bigdecimal (3.1.8)
    commander (4.1.6)
      highline (~> 1.6.11)
    concurrent-ruby (1.2.3)
    connection_pool (2.4.1)
    drb (2.2.1)
    git (2.0.0)
      activesupport (>= 5.0)
      addressable (~> 2.8)
      process_executer (~> 1.1)
      rchardet (~> 1.8)
    highline (1.6.21)
    i18n (1.14.5)
      concurrent-ruby (~> 1.0)
    json (2.7.2)
    launchy (2.4.3)
      addressable (~> 2.3)
    minitest (5.22.3)
    mutex_m (0.2.0)
    process_executer (1.1.0)
    public_suffix (5.0.5)
    rchardet (1.8.0)
    tzinfo (2.0.6)
      concurrent-ruby (~> 1.0)

PLATFORMS
  ruby

DEPENDENCIES
  atlassian-stash

BUNDLED WITH
   2.1.4
