GEM
  remote: https://rubygems.org/
  specs:
    base64 (0.2.0)
    database_cleaner (1.7.0)
    diff-lcs (1.3)
    directory_watcher (1.5.1)
    ledger_web (1.5.2)
      database_cleaner
      directory_watcher (~> 1.5.1)
      pg
      rack (>= 1.3.6)
      rspec
      sequel
      sinatra
      sinatra-contrib
      sinatra-session
    multi_json (1.13.1)
    mustermann (3.0.0)
      ruby2_keywords (~> 0.0.1)
    pg (1.1.4)
    rack (3.1.3)
    rack-protection (4.0.0)
      base64 (>= 0.1.0)
      rack (>= 3.0.0, < 4)
    rack-session (2.0.0)
      rack (>= 3.0.0)
    rspec (3.8.0)
      rspec-core (~> 3.8.0)
      rspec-expectations (~> 3.8.0)
      rspec-mocks (~> 3.8.0)
    rspec-core (3.8.0)
      rspec-support (~> 3.8.0)
    rspec-expectations (3.8.3)
      diff-lcs (>= 1.2.0, < 2.0)
      rspec-support (~> 3.8.0)
    rspec-mocks (3.8.0)
      diff-lcs (>= 1.2.0, < 2.0)
      rspec-support (~> 3.8.0)
    rspec-support (3.8.0)
    ruby2_keywords (0.0.5)
    sequel (5.19.0)
    sinatra (4.0.0)
      mustermann (~> 3.0)
      rack (>= 3.0.0, < 4)
      rack-protection (= 4.0.0)
      rack-session (>= 2.0.0, < 3)
      tilt (~> 2.0)
    sinatra-contrib (4.0.0)
      multi_json (>= 0.0.2)
      mustermann (~> 3.0)
      rack-protection (= 4.0.0)
      sinatra (= 4.0.0)
      tilt (~> 2.0)
    sinatra-session (1.0.0)
      sinatra (>= 1.0)
    tilt (2.0.9)

PLATFORMS
  ruby

DEPENDENCIES
  ledger_web

BUNDLED WITH
   2.1.4
